GEM
  remote: http://rubygems.org/
  specs:
    erubis (2.7.0)
    frahugo-s3sync (1.3.8)

PLATFORMS
  ruby

DEPENDENCIES
  erubis
  frahugo-s3sync
