GEM
  remote: http://rubygems.org/
  specs:
    aws-sdk (1.32.0)
      json (~> 1.4)
      nokogiri (>= 1.4.4)
      uuidtools (~> 2.1)
    cmdparse (2.0.5)
    erubis (2.7.0)
    json (1.7.7)
    mini_portile (0.5.2)
    nokogiri (1.6.1)
      mini_portile (~> 0.5.0)
    s3sync (2.0.0)
      aws-sdk
      cmdparse
    uuidtools (2.1.4)

PLATFORMS
  ruby

DEPENDENCIES
  erubis
  s3sync
